GEM
  remote: http://rubygems.org/
  specs:
    filewatcher (0.5.1)
      trollop (~> 2.0)
    rake (10.4.2)
    trollop (2.1.2)

PLATFORMS
  ruby

DEPENDENCIES
  filewatcher
  rake
